PATH
  remote: .
  specs:
    address_composer (1.0.0)
      mustache (~> 1.1)

GEM
  remote: https://rubygems.org/
  specs:
    byebug (11.1.3)
    coderay (1.1.3)
    diff-lcs (1.4.4)
    method_source (1.0.0)
    mustache (1.1.1)
    pry (0.14.1)
      coderay (~> 1.1)
      method_source (~> 1.0)
    pry-byebug (3.8.0)
      byebug (~> 11.0)
      pry (~> 0.10)
    rake (13.0.6)
    rspec (3.10.0)
      rspec-core (~> 3.10.0)
      rspec-expectations (~> 3.10.0)
      rspec-mocks (~> 3.10.0)
    rspec-core (3.10.1)
      rspec-support (~> 3.10.0)
    rspec-expectations (3.10.1)
      diff-lcs (>= 1.2.0, < 2.0)
      rspec-support (~> 3.10.0)
    rspec-mocks (3.10.2)
      diff-lcs (>= 1.2.0, < 2.0)
      rspec-support (~> 3.10.0)
    rspec-support (3.10.2)

PLATFORMS
  x86_64-darwin-20

DEPENDENCIES
  address_composer!
  bundler (~> 2.2)
  pry (~> 0.14)
  pry-byebug (~> 3.8)
  rake (~> 13.0)
  rspec (~> 3.10)

BUNDLED WITH
   2.2.22
